GIT
  remote: git://github.com/albanpeignier/capybara-mechanize.git
  revision: 664f5903d2f3ebb2feb5f2b2fc7677e2ac25f0e4
  specs:
    capybara-mechanize (0.2.5)
      capybara (~> 0.4.0)
      mechanize (~> 1.0.0)

GIT
  remote: git://projects.tryphon.priv/box
  revision: 86aab9db0ed015e901cb8a1cbbd5a38b7e98655d
  specs:
    tryphon-box (0.0.12)
      activesupport (< 4)
      facter
      httparty
      steto
      treetop
      trollop

GIT
  remote: git://projects.tryphon.priv/ruby-qemu
  revision: 67cd1b4569d594d502efeb394be0423f37488345
  specs:
    qemu (0.3)
      daemons

GIT
  remote: git://projects.tryphon.priv/system-builder
  revision: 03e0f997e577f63299e0bb4f1957ebf0b7b59918
  specs:
    system-builder (0.0.26)
      qemu
      tryphon-vmbox

GIT
  remote: git://projects.tryphon.priv/vmbox
  revision: 3c0a92bc0a7f3a90d47fce4bb4be72570af4e54e
  specs:
    tryphon-vmbox (0.0.1)
      activesupport (~> 3.2.1)
      json
      net-ssh
      qemu (~> 0.3)

GEM
  remote: https://rubygems.org/
  specs:
    activesupport (3.2.17)
      i18n (~> 0.6, >= 0.6.4)
      multi_json (~> 1.0)
    builder (3.0.0)
    capybara (0.4.0)
      celerity (>= 0.7.9)
      culerity (>= 0.2.4)
      mime-types (>= 1.16)
      nokogiri (>= 1.3.3)
      rack (>= 1.0.0)
      rack-test (>= 0.5.4)
      selenium-webdriver (>= 0.0.27)
      xpath (~> 0.1.2)
    celerity (0.8.4)
    childprocess (0.1.4)
      ffi (~> 0.6.3)
    cocaine (0.2.1)
    coderay (1.0.9)
    cucumber (1.1.4)
      builder (>= 2.1.2)
      diff-lcs (>= 1.1.2)
      gherkin (~> 2.7.1)
      json (>= 1.4.6)
      term-ansicolor (>= 1.0.6)
    culerity (0.2.12)
    daemons (1.1.9)
    diff-lcs (1.1.3)
    facter (1.7.3)
    ffi (0.6.4)
    formatador (0.2.4)
    gherkin (2.7.4)
      json (>= 1.4.6)
    guard (1.8.3)
      formatador (>= 0.2.4)
      listen (~> 1.3)
      lumberjack (>= 1.0.2)
      pry (>= 0.9.10)
      thor (>= 0.14.6)
    guard-rspec (1.2.1)
      guard (>= 1.1)
    httparty (0.11.0)
      multi_json (~> 1.0)
      multi_xml (>= 0.5.2)
    i18n (0.6.9)
    json (1.8.1)
    json_pure (1.4.6)
    listen (1.3.1)
      rb-fsevent (>= 0.9.3)
      rb-inotify (>= 0.9)
      rb-kqueue (>= 0.2)
    lumberjack (1.0.4)
    mechanize (1.0.0)
      nokogiri (>= 1.2.1)
    method_source (0.8.2)
    mime-types (1.16)
    multi_json (1.9.3)
    multi_xml (0.5.5)
    net-ssh (2.8.0)
    nokogiri (1.5.5)
    parallel (0.8.2)
    polyglot (0.3.3)
    pry (0.9.12.2)
      coderay (~> 1.0.5)
      method_source (~> 0.8)
      slop (~> 3.4)
    puppet (2.7.21)
      facter (~> 1.5)
    puppet-lint (0.3.2)
    puppet-syntax (1.2.0)
      puppet (>= 2.7.0)
      rake
    rack (1.2.1)
    rack-test (0.5.6)
      rack (>= 1.0)
    rake (10.1.1)
    rb-fsevent (0.9.3)
    rb-inotify (0.9.2)
      ffi (>= 0.5.0)
    rb-kqueue (0.2.0)
      ffi (>= 0.5.0)
    rspec (2.1.0)
      rspec-core (~> 2.1.0)
      rspec-expectations (~> 2.1.0)
      rspec-mocks (~> 2.1.0)
    rspec-core (2.1.0)
    rspec-expectations (2.1.0)
      diff-lcs (~> 1.1.2)
    rspec-mocks (2.1.0)
    rubyzip (0.9.4)
    selenium-webdriver (0.1.0)
      childprocess (= 0.1.4)
      ffi (~> 0.6.3)
      json_pure
      rubyzip
    slop (3.4.6)
    steto (0.0.7)
      cocaine (= 0.2.1)
      json
      parallel
    term-ansicolor (1.0.7)
    thor (0.18.1)
    treetop (1.4.15)
      polyglot
      polyglot (>= 0.3.1)
    trollop (2.0)
    xpath (0.1.2)
      nokogiri (~> 1.3)

PLATFORMS
  ruby

DEPENDENCIES
  capybara
  capybara-mechanize!
  cucumber
  guard
  guard-rspec
  puppet-lint
  puppet-syntax
  qemu!
  rake
  rspec
  system-builder!
  tryphon-box!
  tryphon-vmbox!
