GIT
  remote: git://github.com/albanpeignier/capybara-mechanize.git
  revision: 664f5903d2f3ebb2feb5f2b2fc7677e2ac25f0e4
  specs:
    capybara-mechanize (0.2.5)
      capybara (~> 0.4.0)
      mechanize (~> 1.0.0)

GIT
  remote: git://projects.tryphon.priv/box
  revision: 5ded96c5a5b1fe3adfe5ddc433a100b9c727a160
  specs:
    tryphon-box (0.19)
      activesupport (~> 3.2.17)
      facter (~> 1.7.5)
      httparty
      steto
      treetop
      trollop

GIT
  remote: git://projects.tryphon.priv/ruby-qemu
  revision: f22b64b1fcccc7ccb9de1905402ffa209548301b
  specs:
    qemu (0.4)
      daemons

GIT
  remote: git://projects.tryphon.priv/system-builder
  revision: db85b5e76aa6ac9c0167e8f112629ef154c1b8ad
  specs:
    system-builder (0.0.26)
      qemu
      tryphon-vmbox

GIT
  remote: git://projects.tryphon.priv/vmbox
  revision: 671494c1503dc4f95632a7847eb79831e9ce7ae8
  specs:
    tryphon-vmbox (0.0.1)
      activesupport (~> 3.2.1)
      json
      net-scp
      net-ssh
      qemu (~> 0.4)
      tryphon-box

GIT
  remote: https://github.com/tryphon/ruby-vnc.git
  revision: 076d74ac340f4379bdc837c69ad3dd17b005928f
  specs:
    ruby-vnc (1.1.0)

GEM
  remote: https://rubygems.org/
  specs:
    activesupport (3.2.18)
      i18n (~> 0.6, >= 0.6.4)
      multi_json (~> 1.0)
    builder (3.0.0)
    capybara (0.4.0)
      celerity (>= 0.7.9)
      culerity (>= 0.2.4)
      mime-types (>= 1.16)
      nokogiri (>= 1.3.3)
      rack (>= 1.0.0)
      rack-test (>= 0.5.4)
      selenium-webdriver (>= 0.0.27)
      xpath (~> 0.1.2)
    celerity (0.8.4)
    childprocess (0.1.4)
      ffi (~> 0.6.3)
    cocaine (0.2.1)
    cucumber (1.1.4)
      builder (>= 2.1.2)
      diff-lcs (>= 1.1.2)
      gherkin (~> 2.7.1)
      json (>= 1.4.6)
      term-ansicolor (>= 1.0.6)
    culerity (0.2.12)
    daemons (1.1.9)
    diff-lcs (1.1.3)
    facter (1.7.5)
    ffi (0.6.4)
    gherkin (2.7.4)
      json (>= 1.4.6)
    httmultiparty (0.3.14)
      httparty (>= 0.7.3)
      mimemagic
      multipart-post
    httparty (0.13.1)
      json (~> 1.8)
      multi_xml (>= 0.5.2)
    i18n (0.6.9)
    json (1.8.1)
    json_pure (1.4.6)
    mechanize (1.0.0)
      nokogiri (>= 1.2.1)
    mime-types (1.16)
    mimemagic (0.2.1)
    multi_json (1.10.1)
    multi_xml (0.5.5)
    multipart-post (2.0.0)
    net-scp (1.2.1)
      net-ssh (>= 2.6.5)
    net-ssh (2.9.1)
    nokogiri (1.5.5)
    null_logger (0.0.1)
    parallel (1.0.0)
    polyglot (0.3.5)
    puppet (2.7.21)
      facter (~> 1.5)
    puppet-lint (0.3.2)
    puppet-syntax (1.2.0)
      puppet (>= 2.7.0)
      rake
    rack (1.2.1)
    rack-test (0.5.6)
      rack (>= 1.0)
    rake (10.1.1)
    rivendell-api (0.6)
      activesupport
      httmultiparty
      null_logger
    rspec (2.1.0)
      rspec-core (~> 2.1.0)
      rspec-expectations (~> 2.1.0)
      rspec-mocks (~> 2.1.0)
    rspec-core (2.1.0)
    rspec-expectations (2.1.0)
      diff-lcs (~> 1.1.2)
    rspec-mocks (2.1.0)
    rubyzip (0.9.4)
    selenium-webdriver (0.1.0)
      childprocess (= 0.1.4)
      ffi (~> 0.6.3)
      json_pure
      rubyzip
    sshkey (1.6.1)
    steto (0.0.7)
      cocaine (= 0.2.1)
      json
      parallel
    taglib-ruby (0.4.0)
    term-ansicolor (1.0.7)
    treetop (1.5.3)
      polyglot (~> 0.3)
    trollop (2.0)
    xpath (0.1.2)
      nokogiri (~> 1.3)

PLATFORMS
  ruby

DEPENDENCIES
  capybara
  capybara-mechanize!
  cucumber
  net-ssh
  puppet (~> 2.7.21)
  puppet-lint
  puppet-syntax
  qemu!
  rake
  rivendell-api (~> 0.6)
  rspec
  ruby-vnc!
  sshkey
  system-builder!
  taglib-ruby
  tryphon-box!
  tryphon-vmbox!
